GIT
  remote: git://github.com/stas/guard-phantomjs-jasmine.git
  revision: 61d64a7c152090a270103260a86413222e5b377e
  specs:
    guard-phantomjs-jasmine (0.0.1)
      guard

GEM
  remote: http://rubygems.org/
  specs:
    coderay (1.0.8)
    ffi (1.1.5)
    guard (1.5.3)
      listen (>= 0.4.2)
      lumberjack (>= 1.0.2)
      pry (>= 0.9.10)
      thor (>= 0.14.6)
    listen (0.5.3)
    lumberjack (1.0.2)
    method_source (0.8.1)
    pry (0.9.10)
      coderay (~> 1.0.5)
      method_source (~> 0.8)
      slop (~> 3.3.1)
    rb-inotify (0.8.8)
      ffi (>= 0.5.0)
    slop (3.3.3)
    thor (0.16.0)

PLATFORMS
  ruby

DEPENDENCIES
  guard-phantomjs-jasmine!
  rb-inotify
